GEM
  remote: https://rubygems.org/
  specs:
    kgio (2.7.4)
    multi_json (1.5.0)
    pg (0.14.1)
    rack (1.4.1)
    rack-protection (1.3.2)
      rack
    raindrops (0.10.0)
    redis (3.0.2)
    redis-namespace (1.2.1)
      redis (~> 3.0.0)
    resque (1.23.0)
      multi_json (~> 1.0)
      redis-namespace (~> 1.0)
      sinatra (>= 0.9.2)
      vegas (~> 0.1.2)
    resque-scheduler (2.0.0)
      redis (>= 2.0.1)
      resque (>= 1.20.0)
      rufus-scheduler
    rufus-scheduler (2.0.17)
      tzinfo (>= 0.3.23)
    sequel (3.42.0)
    sinatra (1.3.3)
      rack (~> 1.3, >= 1.3.6)
      rack-protection (~> 1.2)
      tilt (~> 1.3, >= 1.3.3)
    tilt (1.3.3)
    tzinfo (0.3.35)
    unicorn (4.4.0)
      kgio (~> 2.6)
      rack
      raindrops (~> 0.7)
    vegas (0.1.11)
      rack (>= 1.0.0)

PLATFORMS
  ruby

DEPENDENCIES
  pg
  resque
  resque-scheduler
  sequel
  sinatra
  unicorn
